PATH
  remote: .
  specs:
    data_tiering (0.0.2)
      activerecord (= 2.3.18)
      activerecord-mysql2-adapter
      activesupport (= 2.3.18)
      mysql2

GEM
  remote: https://rubygems.org/
  specs:
    activerecord (2.3.18)
      activesupport (= 2.3.18)
    activerecord-mysql2-adapter (0.0.3)
      mysql2
    activesupport (2.3.18)
    coderay (1.1.0)
    database_cleaner (0.7.1)
    diff-lcs (1.2.5)
    method_source (0.8.2)
    mysql2 (0.3.14)
    pry (0.9.12.4)
      coderay (~> 1.0)
      method_source (~> 0.8)
      slop (~> 3.4)
    pry-nav (0.2.3)
      pry (~> 0.9.10)
    rake (10.1.0)
    rspec (2.14.1)
      rspec-core (~> 2.14.0)
      rspec-expectations (~> 2.14.0)
      rspec-mocks (~> 2.14.0)
    rspec-core (2.14.7)
    rspec-expectations (2.14.4)
      diff-lcs (>= 1.1.3, < 2.0)
    rspec-mocks (2.14.4)
    slop (3.4.7)
    timecop (0.5.9.2)

PLATFORMS
  ruby

DEPENDENCIES
  bundler
  data_tiering!
  database_cleaner
  pry
  pry-nav
  rake
  rspec
  timecop (= 0.5.9.2)
